PATH
  remote: .
  specs:
    avro_contract_testing (0.1.0)
      avro_turf (~> 0.0)
      fog-aws (~> 3.0)

GEM
  remote: https://rubygems.org/
  specs:
    avro (1.8.2)
      multi_json
    avro_turf (0.8.1)
      avro (>= 1.7.7, < 1.9)
      excon (~> 0.45)
    builder (3.2.3)
    coderay (1.1.2)
    diff-lcs (1.3)
    excon (0.64.0)
    fog-aws (3.5.0)
      fog-core (~> 2.1)
      fog-json (~> 1.1)
      fog-xml (~> 0.1)
      ipaddress (~> 0.8)
    fog-core (2.1.2)
      builder
      excon (~> 0.58)
      formatador (~> 0.2)
      mime-types
    fog-json (1.2.0)
      fog-core
      multi_json (~> 1.10)
    fog-xml (0.1.3)
      fog-core
      nokogiri (>= 1.5.11, < 2.0.0)
    formatador (0.2.5)
    ipaddress (0.8.3)
    method_source (0.9.2)
    mime-types (3.2.2)
      mime-types-data (~> 3.2015)
    mime-types-data (3.2019.0331)
    mini_portile2 (2.4.0)
    multi_json (1.13.1)
    nokogiri (1.10.3)
      mini_portile2 (~> 2.4.0)
    pry (0.12.2)
      coderay (~> 1.1.0)
      method_source (~> 0.9.0)
    rake (10.5.0)
    rspec (3.8.0)
      rspec-core (~> 3.8.0)
      rspec-expectations (~> 3.8.0)
      rspec-mocks (~> 3.8.0)
    rspec-core (3.8.0)
      rspec-support (~> 3.8.0)
    rspec-expectations (3.8.3)
      diff-lcs (>= 1.2.0, < 2.0)
      rspec-support (~> 3.8.0)
    rspec-mocks (3.8.0)
      diff-lcs (>= 1.2.0, < 2.0)
      rspec-support (~> 3.8.0)
    rspec-support (3.8.0)

PLATFORMS
  ruby

DEPENDENCIES
  avro_contract_testing!
  bundler (~> 2.0)
  pry (~> 0.12.2)
  rake (~> 10.0)
  rspec (~> 3.0)

BUNDLED WITH
   2.0.1
